GIT
  remote: git://github.com/vijaykramesh/elastic-mapreduce-ruby.git
  revision: b2f449e907adba752b5124d92a0046045e95f78f
  specs:
    elastic-mapreduce (0.1.0)

GEM
  remote: https://rubygems.org/
  specs:
    aws-sdk (1.9.5)
      json (~> 1.4)
      nokogiri (>= 1.4.4)
      uuidtools (~> 2.1)
    json (1.7.7)
    nokogiri (1.5.9)
    uuidtools (2.1.4)

PLATFORMS
  ruby

DEPENDENCIES
  aws-sdk
  elastic-mapreduce!
